GEM
  remote: http://rubygems.org/
  specs:
    activemodel (3.2.22.5)
      activesupport (= 3.2.22.5)
      builder (~> 3.0.0)
    activesupport (3.2.22.5)
      i18n (~> 0.6, >= 0.6.4)
      multi_json (~> 1.0)
    builder (3.0.4)
    concurrent-ruby (1.1.8)
    curb (0.8.3)
    googlecharts (1.6.8)
    i18n (0.9.5)
      concurrent-ruby (~> 1.0)
    mini_portile2 (2.8.0)
    mongoid (3.1.2)
      activemodel (~> 3.2)
      moped (~> 1.4.2)
      origin (~> 1.0)
      tzinfo (~> 0.3.22)
    moped (1.4.3)
    multi_json (1.15.0)
    mustermann (1.1.1)
      ruby2_keywords (~> 0.0.1)
    nokogiri (1.13.9)
      mini_portile2 (~> 2.8.0)
      racc (~> 1.4)
    nori (2.0.4)
    origin (1.0.11)
    racc (1.6.0)
    rack (2.2.3)
    rack-protection (2.2.0)
      rack
    ruby2_keywords (0.0.5)
    sinatra (2.2.0)
      mustermann (~> 1.0)
      rack (~> 2.2)
      rack-protection (= 2.2.0)
      tilt (~> 2.0)
    tilt (2.0.10)
    tzinfo (0.3.61)

PLATFORMS
  ruby

DEPENDENCIES
  curb
  googlecharts
  mongoid (~> 3.0)
  nokogiri
  nori
  sinatra
