GEM
  remote: http://rubygems.org/
  specs:
    activemodel (8.0.1)
      activesupport (= 8.0.1)
    activesupport (8.0.1)
      base64
      benchmark (>= 0.3)
      bigdecimal
      concurrent-ruby (~> 1.0, >= 1.3.1)
      connection_pool (>= 2.2.5)
      drb
      i18n (>= 1.6, < 2)
      logger (>= 1.4.2)
      minitest (>= 5.1)
      securerandom (>= 0.3)
      tzinfo (~> 2.0, >= 2.0.5)
      uri (>= 0.13.1)
    base64 (0.2.0)
    benchmark (0.4.0)
    bigdecimal (3.1.9)
    bson (5.0.2)
    concurrent-ruby (1.3.5)
    connection_pool (2.5.0)
    curb (1.0.9)
    drb (2.2.1)
    googlecharts (1.6.12)
    i18n (1.14.7)
      concurrent-ruby (~> 1.0)
    logger (1.6.6)
    mini_portile2 (2.8.8)
    minitest (5.25.4)
    mongo (2.21.0)
      bson (>= 4.14.1, < 6.0.0)
    mongoid (9.0.6)
      activemodel (>= 5.1, < 8.1, != 7.0.0)
      concurrent-ruby (>= 1.0.5, < 2.0)
      mongo (>= 2.18.0, < 3.0.0)
    mustermann (3.0.3)
      ruby2_keywords (~> 0.0.1)
    nokogiri (1.18.7)
      mini_portile2 (~> 2.8.2)
      racc (~> 1.4)
    nori (2.7.1)
      bigdecimal
    racc (1.8.1)
    rack (3.1.12)
    rack-protection (4.1.1)
      base64 (>= 0.1.0)
      logger (>= 1.6.0)
      rack (>= 3.0.0, < 4)
    rack-session (2.0.0)
      rack (>= 3.0.0)
    ruby2_keywords (0.0.5)
    securerandom (0.4.1)
    sinatra (4.1.1)
      logger (>= 1.6.0)
      mustermann (~> 3.0)
      rack (>= 3.0.0, < 4)
      rack-protection (= 4.1.1)
      rack-session (>= 2.0.0, < 3)
      tilt (~> 2.0)
    tilt (2.4.0)
    tzinfo (2.0.6)
      concurrent-ruby (~> 1.0)
    uri (1.0.3)

PLATFORMS
  ruby

DEPENDENCIES
  curb
  googlecharts
  mongoid (~> 9.0)
  nokogiri
  nori
  sinatra
